GEM
  remote: https://rubygems.org/
  specs:
    byebug (9.1.0)

PLATFORMS
  ruby

DEPENDENCIES
  byebug (~> 9.1)

BUNDLED WITH
   1.16.0
